GEM
  remote: https://rubygems.org/
  specs:
    commander (4.4.7)
      highline (~> 2.0.0)
    concurrent-ruby (1.1.5)
    daemons (1.3.1)
    et-orbi (1.1.8)
      tzinfo
    fugit (1.1.10)
      et-orbi (~> 1.1, >= 1.1.8)
      raabro (~> 1.1)
    highline (2.0.2)
    houston (2.4.0)
      commander (~> 4.4)
      json
    json (2.2.0)
    mysql2 (0.5.2)
    raabro (1.1.6)
    rufus-scheduler (3.5.2)
      fugit (~> 1.1, >= 1.1.5)
    tzinfo (2.0.0)
      concurrent-ruby (~> 1.0)
    tzinfo-data (1.2019.3)
      tzinfo (>= 1.0.0)

PLATFORMS
  ruby

DEPENDENCIES
  daemons (= 1.3.1)
  houston (= 2.4.0)
  mysql2 (= 0.5.2)
  rufus-scheduler (= 3.5.2)
  tzinfo-data

RUBY VERSION
   ruby 2.3.1p112

BUNDLED WITH
   2.0.2
