GIT
  remote: git://github.com/rails/rails-perftest.git
  revision: 8f2e43a425460164792222765ea80aec41783bda
  specs:
    rails-perftest (0.0.7)

GEM
  remote: https://rubygems.org/
  specs:
    actioncable (5.2.2.1)
      actionpack (= 5.2.2.1)
      nio4r (~> 2.0)
      websocket-driver (>= 0.6.1)
    actionmailer (5.2.2.1)
      actionpack (= 5.2.2.1)
      actionview (= 5.2.2.1)
      activejob (= 5.2.2.1)
      mail (~> 2.5, >= 2.5.4)
      rails-dom-testing (~> 2.0)
    actionpack (5.2.2.1)
      actionview (= 5.2.2.1)
      activesupport (= 5.2.2.1)
      rack (~> 2.0)
      rack-test (>= 0.6.3)
      rails-dom-testing (~> 2.0)
      rails-html-sanitizer (~> 1.0, >= 1.0.2)
    actionview (5.2.2.1)
      activesupport (= 5.2.2.1)
      builder (~> 3.1)
      erubi (~> 1.4)
      rails-dom-testing (~> 2.0)
      rails-html-sanitizer (~> 1.0, >= 1.0.3)
    activejob (5.2.2.1)
      activesupport (= 5.2.2.1)
      globalid (>= 0.3.6)
    activemodel (5.2.2.1)
      activesupport (= 5.2.2.1)
    activerecord (5.2.2.1)
      activemodel (= 5.2.2.1)
      activesupport (= 5.2.2.1)
      arel (>= 9.0)
    activestorage (5.2.2.1)
      actionpack (= 5.2.2.1)
      activerecord (= 5.2.2.1)
      marcel (~> 0.3.1)
    activesupport (5.2.2.1)
      concurrent-ruby (~> 1.0, >= 1.0.2)
      i18n (>= 0.7, < 2)
      minitest (~> 5.1)
      tzinfo (~> 1.1)
    addressable (2.7.0)
      public_suffix (>= 2.0.2, < 5.0)
    arel (9.0.0)
    ast (2.4.0)
    auto_html (2.0.0)
      gemoji (~> 2.1)
      redcarpet (~> 3.3)
      rinku (~> 1.7)
      tag_helper (~> 0.5)
    awesome_print (1.8.0)
    bindex (0.8.1)
    bootsnap (1.4.5)
      msgpack (~> 1.0)
    browser (1.1.0)
    builder (3.2.4)
    bullet (5.9.0)
      activesupport (>= 3.0.0)
      uniform_notifier (~> 1.11)
    byebug (11.0.1)
    chronic_duration (0.10.6)
      numerizer (~> 0.1.1)
    clamp (1.1.2)
    coderay (1.1.2)
    color (1.8)
    concurrent-ruby (1.1.5)
    connection_pool (2.2.2)
    crass (1.0.5)
    daemons (1.2.4)
    dalli (2.7.6)
    database_cleaner (1.6.2)
    date_diff (0.0.4)
    ddtrace (0.30.1)
      msgpack
    diff-lcs (1.3)
    domain_name (0.5.20190701)
      unf (>= 0.0.5, < 1.0.0)
    dotenv (2.7.5)
    dotenv-rails (2.7.5)
      dotenv (= 2.7.5)
      railties (>= 3.2, < 6.1)
    erubi (1.9.0)
    et-orbi (1.2.2)
      tzinfo
    factory_bot (4.8.2)
      activesupport (>= 3.0.0)
    factory_bot_rails (4.8.2)
      factory_bot (~> 4.8.2)
      railties (>= 3.0.0)
    faker (1.6.6)
      i18n (~> 0.5)
    faraday (0.17.3)
      multipart-post (>= 1.2, < 3)
    faraday-cookie_jar (0.0.6)
      faraday (>= 0.7.4)
      http-cookie (~> 1.0.0)
    faraday-encoding (0.0.5)
      faraday
    faraday-http-cache (2.0.0)
      faraday (~> 0.8)
    faraday_middleware (0.13.1)
      faraday (>= 0.7.4, < 1.0)
    fastimage (2.1.7)
    ffaker (2.2.0)
    ffi (1.11.3)
    fugit (1.3.3)
      et-orbi (~> 1.1, >= 1.1.8)
      raabro (~> 1.1)
    gemoji (2.1.0)
    gemoji-parser (1.3.1)
      gemoji (>= 2.1.0)
    geocoder (1.4.3)
    globalid (0.4.2)
      activesupport (>= 4.2.0)
    highline (1.7.8)
    http-cookie (1.0.3)
      domain_name (~> 0.5)
    httparty (0.14.0)
      multi_xml (>= 0.5.2)
    httpclient (2.8.3)
    i18n (0.9.5)
      concurrent-ruby (~> 1.0)
    icalendar (2.0.1)
    ice_cube (0.7.6)
    invert (0.1.0)
    jbuilder (2.6.4)
      activesupport (>= 3.0.0)
      multi_json (>= 1.2)
    jwt (1.5.6)
    listen (3.1.5)
      rb-fsevent (~> 0.9, >= 0.9.4)
      rb-inotify (~> 0.9, >= 0.9.7)
      ruby_dep (~> 1.2)
    little-plugger (1.1.4)
    logging (2.2.2)
      little-plugger (~> 1.1)
      multi_json (~> 1.10)
    logging-rails (0.6.0)
      logging (>= 1.8)
    lograge (0.11.2)
      actionpack (>= 4)
      activesupport (>= 4)
      railties (>= 4)
      request_store (~> 1.0)
    loofah (2.4.0)
      crass (~> 1.0.2)
      nokogiri (>= 1.5.9)
    macaddr (1.7.2)
      systemu (~> 2.6.5)
    mail (2.5.5)
      mime-types (~> 1.16)
      treetop (~> 1.4.8)
    marcel (0.3.3)
      mimemagic (~> 0.3.2)
    metainspector (5.8.0)
      addressable (~> 2.7.0)
      faraday (~> 0.17.0)
      faraday-cookie_jar (~> 0.0.6)
      faraday-encoding (~> 0.0.5)
      faraday-http-cache (~> 2.0.0)
      faraday_middleware (~> 0.13.1)
      fastimage (~> 2.1.7)
      nesty (~> 1.0.2)
      nokogiri (~> 1.10.4)
    method_source (0.9.2)
    mime-types (1.25.1)
    mimemagic (0.3.3)
    mini_magick (4.9.4)
    mini_portile2 (2.4.0)
    minitest (5.13.0)
    mono_logger (1.1.0)
    msgpack (1.3.1)
    multi_json (1.14.1)
    multi_xml (0.6.0)
    multipart-post (2.1.1)
    mustermann (1.1.0)
      ruby2_keywords (~> 0.0.1)
    mysql2 (0.4.4)
    nesty (1.0.2)
    net-http-digest_auth (1.4.1)
    netrc (0.11.0)
    nio4r (2.5.2)
    nokogiri (1.10.7)
      mini_portile2 (~> 2.4.0)
    numerizer (0.1.1)
    parallel (1.19.1)
    parser (2.7.0.1)
      ast (~> 2.4.0)
    polyglot (0.3.5)
    power_assert (1.1.5)
    powerpack (0.1.2)
    pry (0.12.2)
      coderay (~> 1.1.0)
      method_source (~> 0.9.0)
    pry-byebug (3.7.0)
      byebug (~> 11.0)
      pry (~> 0.10)
    pry-rails (0.3.9)
      pry (>= 0.10.4)
    public_suffix (4.0.2)
    puma (3.12.2)
    pundit (2.0.0)
      activesupport (>= 3.0.0)
    raabro (1.1.6)
    rack (2.0.8)
    rack-cors (1.0.5)
      rack (>= 1.6.0)
    rack-protection (2.0.8.1)
      rack
    rack-test (1.1.0)
      rack (>= 1.0, < 3)
    rails (5.2.2.1)
      actioncable (= 5.2.2.1)
      actionmailer (= 5.2.2.1)
      actionpack (= 5.2.2.1)
      actionview (= 5.2.2.1)
      activejob (= 5.2.2.1)
      activemodel (= 5.2.2.1)
      activerecord (= 5.2.2.1)
      activestorage (= 5.2.2.1)
      activesupport (= 5.2.2.1)
      bundler (>= 1.3.0)
      railties (= 5.2.2.1)
      sprockets-rails (>= 2.0.0)
    rails-dom-testing (2.0.3)
      activesupport (>= 4.2.0)
      nokogiri (>= 1.6)
    rails-html-sanitizer (1.3.0)
      loofah (~> 2.3)
    railties (5.2.2.1)
      actionpack (= 5.2.2.1)
      activesupport (= 5.2.2.1)
      method_source
      rake (>= 0.8.7)
      thor (>= 0.19.0, < 2.0)
    rainbow (2.2.2)
      rake
    rake (13.0.1)
    rb-fsevent (0.10.3)
    rb-inotify (0.10.1)
      ffi (~> 1.0)
    redcarpet (3.5.0)
    redis (4.1.3)
    redis-namespace (1.6.0)
      redis (>= 3.0.4)
    request_store (1.5.0)
      rack (>= 1.4)
    resque (2.0.0)
      mono_logger (~> 1.0)
      multi_json (~> 1.0)
      redis-namespace (~> 1.6)
      sinatra (>= 0.9.2)
      vegas (~> 0.1.2)
    resque-scheduler (4.4.0)
      mono_logger (~> 1.0)
      redis (>= 3.3)
      resque (>= 1.26)
      rufus-scheduler (~> 3.2)
    rest-client (1.8.0)
      http-cookie (>= 1.0.2, < 2.0)
      mime-types (>= 1.16, < 3.0)
      netrc (~> 0.7)
    ri_cal (0.8.8)
    rinku (1.7.3)
    rspec-core (3.8.2)
      rspec-support (~> 3.8.0)
    rspec-expectations (3.8.6)
      diff-lcs (>= 1.2.0, < 2.0)
      rspec-support (~> 3.8.0)
    rspec-mocks (3.8.2)
      diff-lcs (>= 1.2.0, < 2.0)
      rspec-support (~> 3.8.0)
    rspec-rails (3.8.3)
      actionpack (>= 3.0)
      activesupport (>= 3.0)
      railties (>= 3.0)
      rspec-core (~> 3.8.0)
      rspec-expectations (~> 3.8.0)
      rspec-mocks (~> 3.8.0)
      rspec-support (~> 3.8.0)
    rspec-support (3.8.3)
    rubocop (0.49.1)
      parallel (~> 1.10)
      parser (>= 2.3.3.1, < 3.0)
      powerpack (~> 0.1)
      rainbow (>= 1.99.1, < 3.0)
      ruby-progressbar (~> 1.7)
      unicode-display_width (~> 1.0, >= 1.0.1)
    rubocop-rspec (1.5.3)
      rubocop (>= 0.42.0)
    ruby-prof (0.18.0)
    ruby-progressbar (1.10.1)
    ruby2_keywords (0.0.1)
    ruby_dep (1.5.0)
    rufus-scheduler (3.6.0)
      fugit (~> 1.1, >= 1.1.6)
    rumoji (0.5.0)
    sidekiq (5.2.7)
      connection_pool (~> 2.2, >= 2.2.2)
      rack (>= 1.5.0)
      rack-protection (>= 1.5.0)
      redis (>= 3.3.5, < 5)
    sidekiq-status (1.1.4)
      chronic_duration
      sidekiq (>= 3.0)
    silencer (1.0.0)
    sinatra (2.0.8.1)
      mustermann (~> 1.0)
      rack (~> 2.0)
      rack-protection (= 2.0.8.1)
      tilt (~> 2.0)
    spring (2.0.2)
      activesupport (>= 4.2)
    spring-watcher-listen (2.0.1)
      listen (>= 2.7, < 4.0)
      spring (>= 1.2, < 3.0)
    sprockets (3.7.2)
      concurrent-ruby (~> 1.0)
      rack (> 1, < 3)
    sprockets-rails (3.2.1)
      actionpack (>= 4.0)
      activesupport (>= 4.0)
      sprockets (>= 3.0.0)
    systemu (2.6.5)
    tag_helper (0.5.0)
    test-unit (3.3.4)
      power_assert
    thor (1.0.1)
    thread_safe (0.3.6)
    tilt (2.0.10)
    treetop (1.4.15)
      polyglot
      polyglot (>= 0.3.1)
    tzinfo (1.2.6)
      thread_safe (~> 0.1)
    unf (0.1.4)
      unf_ext
    unf_ext (0.0.7.6)
    unicode-display_width (1.6.0)
    uniform_notifier (1.13.0)
    uuid (2.3.8)
      macaddr (~> 1.0)
    vcard (0.2.16)
    vegas (0.1.11)
      rack (>= 1.0.0)
    vpim (13.11.11)
    web-console (3.7.0)
      actionview (>= 5.0)
      activemodel (>= 5.0)
      bindex (>= 0.4.0)
      railties (>= 5.0)
    websocket-driver (0.7.1)
      websocket-extensions (>= 0.1.0)
    websocket-extensions (0.1.4)
    will_paginate (3.1.5)

PLATFORMS
  ruby

DEPENDENCIES
  auto_html (= 2.0.0)
  awesome_print (~> 1.8.0)
  bootsnap (>= 1.1.0)
  browser (= 1.1.0)
  bullet (~> 5.9.0)
  clamp (= 1.1.2)
  color (= 1.8)
  daemons (= 1.2.4)
  dalli (= 2.7.6)
  database_cleaner (~> 1.6.2)
  date_diff (= 0.0.4)
  ddtrace
  dotenv-rails
  factory_bot_rails (~> 4.8.2)
  faker (~> 1.6.6)
  faraday (~> 0.10)
  ffaker (~> 2.2.0)
  gemoji-parser (= 1.3.1)
  geocoder (= 1.4.3)
  highline (= 1.7.8)
  httparty (= 0.14.0)
  httpclient (= 2.8.3)
  icalendar (= 2.0.1)
  ice_cube (= 0.7.6)
  invert (= 0.1.0)
  jbuilder (= 2.6.4)
  jwt (= 1.5.6)
  listen (>= 3.0.5, < 3.2)
  logging-rails
  lograge
  mail (= 2.5.5)
  metainspector (~> 5.6)
  mini_magick (= 4.9.4)
  mysql2 (= 0.4.4)
  net-http-digest_auth (= 1.4.1)
  nokogiri (= 1.10.7)
  pry-byebug
  pry-rails
  puma (~> 3.12.2)
  pundit (= 2.0.0)
  rack-cors (= 1.0.5)
  rails (= 5.2.2.1)
  rails-perftest!
  redis
  resque (= 2.0.0)
  resque-scheduler (= 4.4.0)
  rest-client (= 1.8.0)
  ri_cal (= 0.8.8)
  rspec-rails (~> 3.8.1)
  rubocop (~> 0.49.1)
  rubocop-rspec (~> 1.5.0)
  ruby-prof
  rumoji (= 0.5.0)
  sidekiq (~> 5.2.7)
  sidekiq-status
  silencer (= 1.0.0)
  spring
  spring-watcher-listen (~> 2.0.0)
  test-unit
  tzinfo
  tzinfo-data
  uuid (= 2.3.8)
  vcard (~> 0.2.0)
  vpim (= 13.11.11)
  web-console (>= 3.3.0)
  will_paginate (= 3.1.5)

RUBY VERSION
   ruby 2.3.1p112

BUNDLED WITH
   1.17.2
