GEM
  remote: https://rubygems.org/
  specs:
    daemons (1.3.1)
    mail (2.7.1)
      mini_mime (>= 0.1.1)
    mini_mime (1.0.2)
    mysql (2.9.1)

PLATFORMS
  ruby

DEPENDENCIES
  daemons (= 1.3.1)
  mail (= 2.7.1)
  mysql

RUBY VERSION
   ruby 2.3.1p112

BUNDLED WITH
   2.0.2
